PATH
  remote: .
  specs:
    device_api-android (1.2.3)
      device_api (~> 1.0.2)

GEM
  remote: https://rubygems.org/
  specs:
    device_api (1.0.2)
    diff-lcs (1.2.5)
    rspec (3.3.0)
      rspec-core (~> 3.3.0)
      rspec-expectations (~> 3.3.0)
      rspec-mocks (~> 3.3.0)
    rspec-core (3.3.1)
      rspec-support (~> 3.3.0)
    rspec-expectations (3.3.0)
      diff-lcs (>= 1.2.0, < 2.0)
      rspec-support (~> 3.3.0)
    rspec-mocks (3.3.1)
      diff-lcs (>= 1.2.0, < 2.0)
      rspec-support (~> 3.3.0)
    rspec-support (3.3.0)

PLATFORMS
  ruby

DEPENDENCIES
  device_api-android!
  rspec (~> 3)

BUNDLED WITH
   1.10.6
